GEM
  remote: http://rubygems.org/
  specs:
    activesupport (5.0.0)
      concurrent-ruby (~> 1.0, >= 1.0.2)
      i18n (~> 0.7)
      minitest (~> 5.1)
      tzinfo (~> 1.1)
    addressable (2.4.0)
    concurrent-ruby (1.0.2)
    eventmachine (1.2.0.1)
    faraday (0.9.2)
      multipart-post (>= 1.2, < 3)
    faraday_middleware (0.9.2)
      faraday (>= 0.7.4, < 0.10)
    faraday_middleware-parse_oj (0.3.0)
      faraday (~> 0.9.0)
      faraday_middleware (~> 0.9.1)
      oj (~> 2.0)
    faye-websocket (0.10.4)
      eventmachine (>= 0.12.0)
      websocket-driver (>= 0.5.1)
    giphy (2.0.2)
      faraday (~> 0.9)
      faraday_middleware (~> 0.9)
      faraday_middleware-parse_oj (~> 0.3)
      launchy (~> 2.4)
    gli (2.14.0)
    hashie (3.4.4)
    i18n (0.7.0)
    json (2.0.1)
    launchy (2.4.3)
      addressable (~> 2.3)
    minitest (5.9.0)
    multipart-post (2.0.0)
    oj (2.17.1)
    slack-ruby-bot (0.8.2)
      giphy (~> 2.0.2)
      hashie
      slack-ruby-client (>= 0.6.0)
    slack-ruby-client (0.7.5)
      activesupport
      faraday
      faraday_middleware
      gli
      hashie
      json
      websocket-driver
    thread_safe (0.3.5)
    tzinfo (1.2.2)
      thread_safe (~> 0.1)
    websocket-driver (0.6.4)
      websocket-extensions (>= 0.1.0)
    websocket-extensions (0.1.2)
    yahoo-finance (1.0.0)

PLATFORMS
  ruby

DEPENDENCIES
  faye-websocket
  slack-ruby-bot
  yahoo-finance

BUNDLED WITH
   1.12.5
